PATH
  remote: .
  specs:
    git-deploy (0.5.4)
      net-scp (~> 1.1.0)
      net-ssh (~> 2.6.6)
      thor (= 0.14.6)

GEM
  remote: https://rubygems.org/
  specs:
    net-scp (1.1.2)
      net-ssh (>= 2.6.5)
    net-ssh (2.6.8)
    thor (0.14.6)

PLATFORMS
  ruby

DEPENDENCIES
  git-deploy!
